GEM
  remote: https://rubygems.org/
  specs:
    faraday (0.8.9)
      multipart-post (~> 1.2.0)
    multipart-post (1.2.0)

PLATFORMS
  ruby

DEPENDENCIES
  faraday
